PATH
  remote: .
  specs:
    ruby_marks (0.4.3)
      rmagick (= 2.13.2)

GEM
  remote: https://rubygems.org/
  specs:
    pdf-core (0.4.0)
    prawn (1.3.0)
      pdf-core (~> 0.4.0)
      ttfunk (~> 1.4.0)
    rake (0.9.2.2)
    rmagick (2.13.2)
    ttfunk (1.4.0)

PLATFORMS
  ruby

DEPENDENCIES
  prawn
  rake
  rmagick (= 2.13.2)
  ruby_marks!
